GEM
  remote: http://rubygems.org/
  specs:
    awesome_print (1.1.0)
    columnize (0.3.6)
    debugger (1.6.1)
      columnize (>= 0.3.1)
      debugger-linecache (~> 1.2.0)
      debugger-ruby_core_source (~> 1.2.3)
    debugger-linecache (1.2.0)
    debugger-ruby_core_source (1.2.3)
    faker (1.1.2)
      i18n (~> 0.5)
    i18n (0.6.1)
    sqlite3 (1.3.7)

PLATFORMS
  ruby

DEPENDENCIES
  awesome_print
  debugger
  faker
  sqlite3
